GIT
  remote: https://github.com/karfai/radish.git
  revision: 93c25a62dc1f8337b3a583dc11c85c158ae8d18b
  specs:
    radish (0.1.0)
      multi_json

GEM
  remote: https://rubygems.org/
  specs:
    activesupport (5.1.4)
      concurrent-ruby (~> 1.0, >= 1.0.2)
      i18n (~> 0.7)
      minitest (~> 5.1)
      tzinfo (~> 1.1)
    backports (3.11.1)
    bson (4.2.2)
    cassandra-driver (3.2.1)
      ione (~> 1.2)
    coderay (1.1.2)
    concurrent-ruby (1.0.5)
    countries (2.1.3)
      i18n_data (~> 0.8.0)
      money (~> 6.9)
      sixarm_ruby_unaccent (~> 1.1)
      unicode_utils (~> 1.4)
    diff-lcs (1.3)
    faker (1.8.7)
      i18n (>= 0.7)
    ffi (1.9.18)
    fuubar (2.3.1)
      rspec-core (~> 3.0)
      ruby-progressbar (~> 1.4)
    geocoder (1.4.5)
    i18n (0.9.1)
      concurrent-ruby (~> 1.0)
    i18n_data (0.8.0)
    ione (1.2.4)
    listen (3.1.5)
      rb-fsevent (~> 0.9, >= 0.9.4)
      rb-inotify (~> 0.9, >= 0.9.7)
      ruby_dep (~> 1.2)
    macaddr (1.7.1)
      systemu (~> 2.6.2)
    method_source (0.9.0)
    minitest (5.11.1)
    money (6.10.1)
      i18n (>= 0.6.4, < 1.0)
    mongo (2.4.3)
      bson (>= 4.2.1, < 5.0.0)
    multi_json (1.12.2)
    mustermann (1.0.2)
    pry (0.11.3)
      coderay (~> 1.1.0)
      method_source (~> 0.9.0)
    puma (3.11.0)
    rack (2.0.4)
    rack-cors (1.0.2)
    rack-protection (2.0.1)
      rack
    rb-fsevent (0.10.2)
    rb-inotify (0.9.10)
      ffi (>= 0.5.0, < 2)
    rerun (0.11.0)
      listen (~> 3.0)
    rspec (3.7.0)
      rspec-core (~> 3.7.0)
      rspec-expectations (~> 3.7.0)
      rspec-mocks (~> 3.7.0)
    rspec-core (3.7.1)
      rspec-support (~> 3.7.0)
    rspec-expectations (3.7.0)
      diff-lcs (>= 1.2.0, < 2.0)
      rspec-support (~> 3.7.0)
    rspec-mocks (3.7.0)
      diff-lcs (>= 1.2.0, < 2.0)
      rspec-support (~> 3.7.0)
    rspec-support (3.7.0)
    ruby-kafka (0.5.1)
    ruby-progressbar (1.9.0)
    ruby_dep (1.5.0)
    sinatra (2.0.1)
      mustermann (~> 1.0)
      rack (~> 2.0)
      rack-protection (= 2.0.1)
      tilt (~> 2.0)
    sinatra-contrib (2.0.1)
      backports (>= 2.0)
      multi_json
      mustermann (~> 1.0)
      rack-protection (= 2.0.1)
      sinatra (= 2.0.1)
      tilt (>= 1.3, < 3)
    sixarm_ruby_unaccent (1.2.0)
    systemu (2.6.5)
    thread_safe (0.3.6)
    tilt (2.0.8)
    timezone (1.2.9)
    tzinfo (1.2.4)
      thread_safe (~> 0.1)
    unicode_utils (1.4.0)
    uuid (2.3.8)
      macaddr (~> 1.0)

PLATFORMS
  ruby

DEPENDENCIES
  activesupport
  cassandra-driver
  countries
  faker
  fuubar
  geocoder
  mongo
  pry
  puma
  rack-cors
  radish!
  rerun
  rspec
  ruby-kafka
  sinatra (~> 2.0.1)
  sinatra-contrib (~> 2.0.1)
  timezone
  uuid

RUBY VERSION
   ruby 2.4.2p198

BUNDLED WITH
   1.16.1
